GEM
  remote: https://rubygems.org/
  specs:
    docile (1.3.2)
    json (2.3.0)
    simplecov (0.17.0)
      docile (~> 1.1)
      json (>= 1.8, < 3)
      simplecov-html (~> 0.10.0)
    simplecov-html (0.10.2)

PLATFORMS
  ruby

DEPENDENCIES
  simplecov (= 0.17)

BUNDLED WITH
   2.1.4
